PATH
  remote: .
  specs:
    narrabot (0.1.0)

GEM
  remote: https://rubygems.org/
  specs:
    mini_portile2 (2.4.0)
    nokogiri (1.10.4)
      mini_portile2 (~> 2.4.0)
    rake (10.5.0)
    tts (0.7.1)

PLATFORMS
  ruby

DEPENDENCIES
  bundler (~> 2.0)
  narrabot!
  nokogiri
  rake (~> 10.0)
  tts

BUNDLED WITH
   2.0.2
